GEM
  remote: http://rubygems.org/
  specs:
    abstract (1.0.0)
    actionpack (3.0.3)
      activemodel (= 3.0.3)
      activesupport (= 3.0.3)
      builder (~> 2.1.2)
      erubis (~> 2.6.6)
      i18n (~> 0.4)
      rack (~> 1.2.1)
      rack-mount (~> 0.6.13)
      rack-test (~> 0.5.6)
      tzinfo (~> 0.3.23)
    activemerchant (1.7.1)
      activesupport (>= 2.3.2)
      braintree (>= 2.0.0)
      builder (>= 2.0.0)
    activemodel (3.0.3)
      activesupport (= 3.0.3)
      builder (~> 2.1.2)
      i18n (~> 0.4)
    activerecord (3.0.3)
      activemodel (= 3.0.3)
      activesupport (= 3.0.3)
      arel (~> 2.0.2)
      tzinfo (~> 0.3.23)
    activesupport (3.0.3)
    arel (2.0.6)
    authlogic (1.0.0)
      activerecord
      activesupport
    braintree (2.4.0)
      builder
    builder (2.1.2)
    declarative_authorization (0.5.1)
    erubis (2.6.6)
      abstract (>= 1.0.0)
    facebooker (1.0.75)
      json_pure (>= 1.0.0)
    formtastic (1.2.2)
      actionpack (>= 2.3.7)
      activesupport (>= 2.3.7)
      i18n (>= 0.4.0)
    i18n (0.5.0)
    json_pure (1.4.6)
    rack (1.2.1)
    rack-mount (0.6.13)
      rack (>= 1.0.0)
    rack-test (0.5.6)
      rack (>= 1.0)
    ruby-openid (2.1.8)
    tzinfo (0.3.23)

PLATFORMS
  ruby

DEPENDENCIES
  activemerchant
  authlogic
  declarative_authorization
  facebooker
  formtastic
  ruby-openid
