GEM
  remote: http://rubygems.org/
  specs:
    actionmailer (2.3.5)
      actionpack (= 2.3.5)
    actionpack (2.3.5)
      activesupport (= 2.3.5)
      rack (~> 1.0.0)
    activerecord (2.3.5)
      activesupport (= 2.3.5)
    activeresource (2.3.5)
      activesupport (= 2.3.5)
    activesupport (2.3.5)
    authlogic (2.1.6)
      activesupport
    authlogic_rpx (1.2.0)
      authlogic (= 2.1.6)
      rpx_now (= 0.6.23)
    declarative_authorization (0.5.1)
    json_pure (1.4.6)
    nokogiri (1.4.4)
    rack (1.0.1)
    rack-test (0.5.6)
      rack (>= 1.0)
    rails (2.3.5)
      actionmailer (= 2.3.5)
      actionpack (= 2.3.5)
      activerecord (= 2.3.5)
      activeresource (= 2.3.5)
      activesupport (= 2.3.5)
      rake (>= 0.8.3)
    rails-footnotes (3.6.7)
    rake (0.8.7)
    rpx_now (0.6.23)
      json_pure
    rspec (1.3.1)
    rspec-rails (1.3.3)
      rack (>= 1.0.0)
      rspec (= 1.3.1)
    spork (0.8.4)
    sqlite3-ruby (1.3.2)
    webrat (0.7.2)
      nokogiri (>= 1.2.0)
      rack (>= 1.0)
      rack-test (>= 0.5.3)
    wirble (0.1.3)

PLATFORMS
  ruby

DEPENDENCIES
  authlogic (= 2.1.6)
  authlogic_rpx (= 1.2.0)
  declarative_authorization
  rails (= 2.3.5)
  rails-footnotes
  rpx_now (= 0.6.23)
  rspec (~> 1.3.1)
  rspec-rails (~> 1.3.3)
  spork
  sqlite3-ruby
  webrat
  wirble
