GEM
  remote: http://rubygems.org/
  specs:
    POpen4 (0.1.4)
      Platform (>= 0.4.0)
      open4
    Platform (0.4.0)
    actionmailer (3.2.9)
      actionpack (= 3.2.9)
      mail (~> 2.4.4)
    actionpack (3.2.9)
      activemodel (= 3.2.9)
      activesupport (= 3.2.9)
      builder (~> 3.0.0)
      erubis (~> 2.7.0)
      journey (~> 1.0.4)
      rack (~> 1.4.0)
      rack-cache (~> 1.2)
      rack-test (~> 0.6.1)
      sprockets (~> 2.2.1)
    activemodel (3.2.9)
      activesupport (= 3.2.9)
      builder (~> 3.0.0)
    activerecord (3.2.9)
      activemodel (= 3.2.9)
      activesupport (= 3.2.9)
      arel (~> 3.0.2)
      tzinfo (~> 0.3.29)
    activeresource (3.2.9)
      activemodel (= 3.2.9)
      activesupport (= 3.2.9)
    activesupport (3.2.9)
      i18n (~> 0.6)
      multi_json (~> 1.0)
    addressable (2.3.2)
    arel (3.0.2)
    bourbon (3.0.1)
      sass (>= 3.2.0)
      thor
    builder (3.0.4)
    capybara (1.1.4)
      mime-types (>= 1.16)
      nokogiri (>= 1.3.3)
      rack (>= 1.0.0)
      rack-test (>= 0.5.4)
      selenium-webdriver (~> 2.0)
      xpath (~> 0.1.4)
    capybara-webkit (0.13.0)
      capybara (>= 1.0.0, < 1.2)
      json
    carmen (1.0.0.beta2)
    carmen-rails (1.0.0.beta3)
      carmen (~> 1.0.0.beta2)
      rails
    childprocess (0.3.6)
      ffi (~> 1.0, >= 1.0.6)
    coderay (1.0.8)
    coffee-rails (3.2.2)
      coffee-script (>= 2.2.0)
      railties (~> 3.2.0)
    coffee-script (2.2.0)
      coffee-script-source
      execjs
    coffee-script-source (1.4.0)
    dalli (2.6.0)
    database_cleaner (0.6.7)
    declarative_authorization (0.5.6)
    diff-lcs (1.1.3)
    em-websocket (0.3.8)
      addressable (>= 2.1.1)
      eventmachine (>= 0.12.9)
    erubis (2.7.0)
    eventmachine (1.0.0)
    execjs (1.4.0)
      multi_json (~> 1.0)
    factory_girl (4.1.0)
      activesupport (>= 3.0.0)
    factory_girl_rails (4.1.0)
      factory_girl (~> 4.1.0)
      railties (>= 3.0.0)
    faraday (0.8.4)
      multipart-post (~> 1.1)
    ffi (1.2.0)
    foreman (0.60.2)
      thor (>= 0.13.6)
    guard (1.5.4)
      listen (>= 0.4.2)
      lumberjack (>= 1.0.2)
      pry (>= 0.9.10)
      thor (>= 0.14.6)
    guard-livereload (1.1.3)
      em-websocket (>= 0.2.0)
      guard (>= 1.5.0)
      multi_json (~> 1.0)
    guard-rake (0.0.7)
      guard
      rake
    guard-rspec (2.3.3)
      guard (>= 1.1)
      rspec (~> 2.11)
    guard-spork (1.4.0)
      childprocess (>= 0.2.3)
      guard (>= 1.1)
      spork (>= 0.8.4)
    hashie (1.2.0)
    hashugar (0.0.6)
    hike (1.2.1)
    httparty (0.9.0)
      multi_json (~> 1.0)
      multi_xml
    httpauth (0.2.0)
    httpclient (2.3.0.1)
    i18n (0.6.1)
    jbuilder (0.9.1)
      activesupport (>= 3.0.0)
    journey (1.0.4)
    jquery-rails (2.1.4)
      railties (>= 3.0, < 5.0)
      thor (>= 0.14, < 2.0)
    json (1.7.5)
    jwt (0.1.5)
      multi_json (>= 1.0)
    kgio (2.7.4)
    koala (1.6.0)
      addressable (~> 2.2)
      faraday (~> 0.8)
      multi_json (~> 1.3)
    launchy (2.1.2)
      addressable (~> 2.3)
    libwebsocket (0.1.7.1)
      addressable
      websocket
    listen (0.6.0)
    lumberjack (1.0.2)
    mail (2.4.4)
      i18n (>= 0.4.0)
      mime-types (~> 1.16)
      treetop (~> 1.4.8)
    method_source (0.8.1)
    mime-types (1.19)
    multi_json (1.5.0)
    multi_xml (0.5.1)
    multipart-post (1.1.5)
    newrelic_rpm (3.5.4.33)
    nokogiri (1.5.6)
    oauth (0.4.7)
    oauth2 (0.8.0)
      faraday (~> 0.8)
      httpauth (~> 0.1)
      jwt (~> 0.1.4)
      multi_json (~> 1.0)
      rack (~> 1.2)
    omniauth (1.1.1)
      hashie (~> 1.2)
      rack
    omniauth-facebook (1.4.1)
      omniauth-oauth2 (~> 1.1.0)
    omniauth-flickr (0.0.11)
      omniauth-oauth (~> 1.0)
    omniauth-github (1.0.3)
      omniauth (~> 1.0)
      omniauth-oauth2 (~> 1.1)
    omniauth-google-oauth2 (0.1.13)
      omniauth (~> 1.0)
      omniauth-oauth2
    omniauth-oauth (1.0.1)
      oauth
      omniauth (~> 1.0)
    omniauth-oauth2 (1.1.1)
      oauth2 (~> 0.8.0)
      omniauth (~> 1.0)
    omniauth-soundcloud (1.0.1)
      omniauth-oauth2 (~> 1.1.0)
    omniauth-tumblr (1.1)
      omniauth-oauth (~> 1.0)
    omniauth-twitter (0.0.14)
      multi_json (~> 1.3)
      omniauth-oauth (~> 1.0)
    omniauth-vimeo (1.0.0)
      multi_json (~> 1.3)
      omniauth-oauth (~> 1.0)
    open4 (1.3.0)
    paper_trail (2.6.4)
      activerecord (~> 3.0)
      railties (~> 3.0)
    pg (0.14.1)
    polyglot (0.3.3)
    pry (0.9.10)
      coderay (~> 1.0.5)
      method_source (~> 0.8)
      slop (~> 3.3.1)
    quiet_assets (1.0.1)
      railties (~> 3.1)
    rack (1.4.1)
    rack-cache (1.2)
      rack (>= 0.4)
    rack-protection (1.3.2)
      rack
    rack-ssl (1.3.2)
      rack
    rack-test (0.6.2)
      rack (>= 1.0)
    rails (3.2.9)
      actionmailer (= 3.2.9)
      actionpack (= 3.2.9)
      activerecord (= 3.2.9)
      activeresource (= 3.2.9)
      activesupport (= 3.2.9)
      bundler (~> 1.0)
      railties (= 3.2.9)
    rails-erd (0.4.5)
      activerecord (~> 3.0)
      activesupport (~> 3.0)
      ruby-graphviz (~> 0.9.18)
    railties (3.2.9)
      actionpack (= 3.2.9)
      activesupport (= 3.2.9)
      rack-ssl (~> 1.3.2)
      rake (>= 0.8.7)
      rdoc (~> 3.4)
      thor (>= 0.14.6, < 2.0)
    raindrops (0.10.0)
    rake (10.0.3)
    rb-fsevent (0.9.2)
    rdoc (3.12)
      json (~> 1.4)
    redcarpet (2.2.2)
    redis (3.0.2)
    redis-namespace (1.2.1)
      redis (~> 3.0.0)
    resque (1.22.0)
      multi_json (~> 1.0)
      redis-namespace (~> 1.0)
      sinatra (>= 0.9.2)
      vegas (~> 0.1.2)
    resque_spec (0.12.7)
      resque (>= 1.19.0)
      rspec (>= 2.5.0)
    rest-client (1.6.7)
      mime-types (>= 1.16)
    rspec (2.12.0)
      rspec-core (~> 2.12.0)
      rspec-expectations (~> 2.12.0)
      rspec-mocks (~> 2.12.0)
    rspec-core (2.12.2)
    rspec-expectations (2.12.1)
      diff-lcs (~> 1.1.3)
    rspec-mocks (2.12.0)
    rspec-rails (2.12.0)
      actionpack (>= 3.0)
      activesupport (>= 3.0)
      railties (>= 3.0)
      rspec-core (~> 2.12.0)
      rspec-expectations (~> 2.12.0)
      rspec-mocks (~> 2.12.0)
    ruby-graphviz (0.9.21)
    ruby_parser (3.1.1)
      sexp_processor (~> 4.1)
    rubyzip (0.9.9)
    sass (3.2.3)
    sass-rails (3.2.5)
      railties (~> 3.2.0)
      sass (>= 3.1.10)
      tilt (~> 1.3)
    selenium-webdriver (2.27.2)
      childprocess (>= 0.2.5)
      libwebsocket (~> 0.1.3)
      multi_json (~> 1.0)
      rubyzip
    sexp_processor (4.1.3)
    simple_oauth (0.1.9)
    simplecov (0.7.1)
      multi_json (~> 1.0)
      simplecov-html (~> 0.7.1)
    simplecov-html (0.7.1)
    sinatra (1.3.3)
      rack (~> 1.3, >= 1.3.6)
      rack-protection (~> 1.2)
      tilt (~> 1.3, >= 1.3.3)
    slop (3.3.3)
    spork (1.0.0rc3)
    spork-rails (3.2.1)
      rails (>= 3.0.0, < 3.3.0)
      spork (>= 1.0rc0)
    sprockets (2.2.2)
      hike (~> 1.2)
      multi_json (~> 1.0)
      rack (~> 1.0)
      tilt (~> 1.1, != 1.3.0)
    sqlite3 (1.3.6)
    state_machine (1.1.2)
    stripe (1.7.8)
      multi_json (>= 1.0.4, < 2)
      rest-client (~> 1.4)
    thor (0.16.0)
    tilt (1.3.3)
    treetop (1.4.12)
      polyglot
      polyglot (>= 0.3.1)
    twitter (4.4.0)
      faraday (~> 0.8)
      multi_json (~> 1.3)
      simple_oauth (~> 0.1.6)
    tzinfo (0.3.35)
    uglifier (1.3.0)
      execjs (>= 0.3.0)
      multi_json (~> 1.0, >= 1.0.2)
    unicorn (4.5.0)
      kgio (~> 2.6)
      rack
      raindrops (~> 0.7)
    vegas (0.1.11)
      rack (>= 1.0.0)
    vimeo (1.5.3)
      httparty (>= 0.4.5)
      httpclient (>= 2.1.5.2)
      json (>= 1.1.9)
      multipart-post (>= 1.0.1)
      oauth (>= 0.4.3)
    websocket (1.0.6)
    xpath (0.1.4)
      nokogiri (~> 1.3)
    yard (0.8.3)
    youtube_it (2.1.8)
      builder
      faraday (~> 0.8)
      nokogiri (~> 1.5.2)
      oauth (~> 0.4.4)
      oauth2 (~> 0.6)
      simple_oauth (~> 0.1.5)
    yui-compressor (0.9.6)
      POpen4 (>= 0.1.4)

PLATFORMS
  ruby

DEPENDENCIES
  bourbon
  capybara-webkit
  carmen-rails
  coffee-rails (~> 3.2.1)
  dalli
  database_cleaner (~> 0.6.7)
  declarative_authorization
  factory_girl_rails
  foreman
  guard
  guard-livereload
  guard-rake
  guard-rspec
  guard-spork
  hashugar
  jbuilder
  jquery-rails
  koala
  launchy
  newrelic_rpm
  nokogiri
  omniauth
  omniauth-facebook
  omniauth-flickr
  omniauth-github
  omniauth-google-oauth2
  omniauth-soundcloud
  omniauth-tumblr
  omniauth-twitter
  omniauth-vimeo
  paper_trail (~> 2)
  pg
  pry
  quiet_assets
  rails (= 3.2.9)
  rails-erd
  rb-fsevent
  redcarpet
  redis
  resque (~> 1.22.0)
  resque_spec
  rspec-rails
  ruby-graphviz (~> 0.9.17)
  ruby_parser
  sass-rails (~> 3.2.3)
  simplecov
  spork-rails
  sqlite3
  state_machine
  stripe
  twitter
  uglifier
  unicorn
  vimeo
  yard
  youtube_it
  yui-compressor
